GEM
  remote: http://rubygems.org/
  specs:
    addressable (2.3.8)
    colorator (0.1)
    colored (1.2)
    ethon (0.7.4)
      ffi (>= 1.3.0)
    ffi (1.9.10)
    foreman (0.78.0)
      thor (~> 0.19.1)
    html-proofer (2.3.0)
      addressable (~> 2.3)
      colored (~> 1.2)
      mercenary (~> 0.3.2)
      nokogiri (~> 1.5)
      parallel (~> 1.3)
      typhoeus (~> 0.7)
      yell (~> 2.0)
    jekyll (3.1.1)
      colorator (~> 0.1)
      jekyll-sass-converter (~> 1.0)
      jekyll-watch (~> 1.1)
      kramdown (~> 1.3)
      liquid (~> 3.0)
      mercenary (~> 0.3.3)
      rouge (~> 1.7)
      safe_yaml (~> 1.0)
    jekyll-sass-converter (1.4.0)
      sass (~> 3.4)
    jekyll-sitemap (0.10.0)
    jekyll-watch (1.3.1)
      listen (~> 3.0)
    kramdown (1.9.0)
    liquid (3.0.6)
    listen (3.0.5)
      rb-fsevent (>= 0.9.3)
      rb-inotify (>= 0.9)
    mercenary (0.3.5)
    mini_portile (0.6.2)
    nokogiri (1.6.6.2)
      mini_portile (~> 0.6.0)
    parallel (1.6.1)
    rb-fsevent (0.9.7)
    rb-inotify (0.9.5)
      ffi (>= 0.5.0)
    rouge (1.10.1)
    safe_yaml (1.0.4)
    sass (3.4.21)
    thor (0.19.1)
    typhoeus (0.7.3)
      ethon (>= 0.7.4)
    yell (2.0.5)

PLATFORMS
  ruby

DEPENDENCIES
  foreman (~> 0.78.0)
  html-proofer (~> 2.3.0)
  jekyll (~> 3.1, >= 3.1.1)
  jekyll-sitemap (~> 0.10.0)
  sass (~> 3.4, >= 3.4.21)

BUNDLED WITH
   1.10.0
